GEM
  remote: https://rubygems.org/
  specs:
    actionmailer (4.1.4)
      actionpack (= 4.1.4)
      actionview (= 4.1.4)
      mail (~> 2.5.4)
    actionpack (4.1.4)
      actionview (= 4.1.4)
      activesupport (= 4.1.4)
      rack (~> 1.5.2)
      rack-test (~> 0.6.2)
    actionview (4.1.4)
      activesupport (= 4.1.4)
      builder (~> 3.1)
      erubis (~> 2.7.0)
    activemodel (4.1.4)
      activesupport (= 4.1.4)
      builder (~> 3.1)
    activerecord (4.1.4)
      activemodel (= 4.1.4)
      activesupport (= 4.1.4)
      arel (~> 5.0.0)
    activesupport (4.1.4)
      i18n (~> 0.6, >= 0.6.9)
      json (~> 1.7, >= 1.7.7)
      minitest (~> 5.1)
      thread_safe (~> 0.1)
      tzinfo (~> 1.1)
    addressable (2.3.6)
    ahoy_matey (1.0.2)
      addressable
      browser (>= 0.4.0)
      geocoder
      referer-parser
      request_store
      user_agent_parser
      uuidtools
    annotate (2.6.5)
      activerecord (>= 2.3.0)
      rake (>= 0.8.7)
    arel (5.0.1.20140414130214)
    atomic (1.1.16)
    autoprefixer-rails (2.2.0.20140804)
      execjs
    bcrypt (3.1.7)
    bcrypt (3.1.7-x86-mingw32)
    better_errors (1.1.0)
      coderay (>= 1.0.0)
      erubis (>= 2.6.6)
    binding_of_caller (0.7.2)
      debug_inspector (>= 0.0.1)
    bootstrap-sass (3.2.0.1)
      sass (~> 3.2)
    browser (0.6.0)
    builder (3.2.2)
    carrierwave (0.10.0)
      activemodel (>= 3.2.0)
      activesupport (>= 3.2.0)
      json (>= 1.7)
      mime-types (>= 1.16)
    coderay (1.1.0)
    coffee-rails (4.0.1)
      coffee-script (>= 2.2.0)
      railties (>= 4.0.0, < 5.0)
    coffee-script (2.3.0)
      coffee-script-source
      execjs
    coffee-script-source (1.7.1)
    debug_inspector (0.0.2)
    debugger-ruby_core_source (1.3.5)
    devise (3.3.0)
      bcrypt (~> 3.0)
      orm_adapter (~> 0.1)
      railties (>= 3.2.6, < 5)
      thread_safe (~> 0.1)
      warden (~> 1.2.3)
    dotenv (0.11.1)
      dotenv-deployment (~> 0.0.2)
    dotenv-deployment (0.0.2)
    erubis (2.7.0)
    execjs (2.2.1)
    font-awesome-rails (4.1.0.0)
      railties (>= 3.2, < 5.0)
    foreman (0.74.0)
      dotenv (~> 0.11.1)
      thor (~> 0.19.1)
    geocoder (1.2.4)
    haml (4.0.5)
      tilt
    hike (1.2.3)
    i18n (0.6.11)
    jbuilder (1.5.3)
      activesupport (>= 3.0.0)
      multi_json (>= 1.2.0)
    jquery-rails (3.1.1)
      railties (>= 3.0, < 5.0)
      thor (>= 0.14, < 2.0)
    jquery-ui-rails (4.2.1)
      railties (>= 3.2.16)
    json (1.8.1)
    kaminari (0.16.1)
      actionpack (>= 3.0.0)
      activesupport (>= 3.0.0)
    mail (2.5.4)
      mime-types (~> 1.16)
      treetop (~> 1.4.8)
    mime-types (1.25.1)
    mini_magick (3.8.0)
      subexec (~> 0.2.1)
    mini_portile (0.6.0)
    minitest (5.4.0)
    multi_json (1.10.1)
    nested_form (0.3.2)
    nokogiri (1.6.3.1)
      mini_portile (= 0.6.0)
    nokogiri (1.6.3.1-x86-mingw32)
      mini_portile (= 0.6.0)
    nprogress-rails (0.1.3.1)
    orm_adapter (0.5.0)
    paper_trail (3.0.3)
      activerecord (>= 3.0, < 5.0)
      activesupport (>= 3.0, < 5.0)
    peek (0.1.9)
      atomic (>= 1.0.0)
      railties (>= 3.0.0)
    peek-git (1.0.2)
      peek
    peek-performance_bar (1.1.6)
      peek (>= 0.1.0)
    peek-pg (1.1.0)
      atomic (>= 1.0.0)
      peek
      pg
    peek-rblineprof (0.1.2)
      peek
      rblineprof
    pg (0.17.1)
    pg (0.17.1-x86-mingw32)
    pg_search (0.7.6)
      activerecord (>= 3.1)
      activesupport (>= 3.1)
      arel
    pghero (0.1.3)
      activerecord
      pg
    polyglot (0.3.5)
    puma (2.9.0)
      rack (>= 1.1, < 2.0)
    quiet_assets (1.0.3)
      railties (>= 3.1, < 5.0)
    rack (1.5.2)
    rack-pjax (0.8.0)
      nokogiri (~> 1.5)
      rack (~> 1.1)
    rack-test (0.6.2)
      rack (>= 1.0)
    rails (4.1.4)
      actionmailer (= 4.1.4)
      actionpack (= 4.1.4)
      actionview (= 4.1.4)
      activemodel (= 4.1.4)
      activerecord (= 4.1.4)
      activesupport (= 4.1.4)
      bundler (>= 1.3.0, < 2.0)
      railties (= 4.1.4)
      sprockets-rails (~> 2.0)
    rails_12factor (0.0.2)
      rails_serve_static_assets
      rails_stdout_logging
    rails_admin (0.6.2)
      builder (~> 3.1)
      coffee-rails (~> 4.0)
      font-awesome-rails (>= 3.0)
      haml (~> 4.0)
      jquery-rails (~> 3.0)
      jquery-ui-rails (~> 4.0)
      kaminari (~> 0.14)
      nested_form (~> 0.3)
      rack-pjax (~> 0.7)
      rails (~> 4.0)
      remotipart (~> 1.0)
      safe_yaml (~> 1.0)
      sass-rails (~> 4.0)
    rails_serve_static_assets (0.0.2)
    rails_stdout_logging (0.0.3)
    railties (4.1.4)
      actionpack (= 4.1.4)
      activesupport (= 4.1.4)
      rake (>= 0.8.7)
      thor (>= 0.18.1, < 2.0)
    rake (10.3.2)
    rblineprof (0.3.6)
      debugger-ruby_core_source (~> 1.3)
    rdoc (4.1.1)
      json (~> 1.4)
    referer-parser (0.2.2)
    remotipart (1.2.1)
    request_store (1.1.0)
    safe_yaml (1.0.3)
    sass (3.2.19)
    sass-rails (4.0.3)
      railties (>= 4.0.0, < 5.0)
      sass (~> 3.2.0)
      sprockets (~> 2.8, <= 2.11.0)
      sprockets-rails (~> 2.0)
    sdoc (0.4.1)
      json (~> 1.7, >= 1.7.7)
      rdoc (~> 4.0)
    sprockets (2.11.0)
      hike (~> 1.2)
      multi_json (~> 1.0)
      rack (~> 1.0)
      tilt (~> 1.1, != 1.3.0)
    sprockets-rails (2.1.3)
      actionpack (>= 3.0)
      activesupport (>= 3.0)
      sprockets (~> 2.8)
    subexec (0.2.3)
    thor (0.19.1)
    thread_safe (0.3.4)
    tilt (1.4.1)
    treetop (1.4.15)
      polyglot
      polyglot (>= 0.3.1)
    turbolinks (2.2.2)
      coffee-rails
    tzinfo (1.2.2)
      thread_safe (~> 0.1)
    uglifier (2.5.3)
      execjs (>= 0.3.0)
      json (>= 1.8.0)
    user_agent_parser (2.1.5)
    uuidtools (2.1.5)
    warden (1.2.3)
      rack (>= 1.0)

PLATFORMS
  ruby
  x86-mingw32

DEPENDENCIES
  ahoy_matey
  annotate (~> 2.6.5)
  autoprefixer-rails
  better_errors
  binding_of_caller
  bootstrap-sass (~> 3.2.0)
  carrierwave
  coffee-rails (~> 4.0.0)
  devise
  font-awesome-rails
  foreman
  jbuilder (~> 1.2)
  jquery-rails
  mini_magick
  nprogress-rails
  paper_trail (~> 3.0.3)
  peek
  peek-git
  peek-performance_bar
  peek-pg
  peek-rblineprof
  pg
  pg_search
  pghero
  puma
  quiet_assets
  rails (= 4.1.4)
  rails_12factor
  rails_admin
  sass-rails (~> 4.0.3)
  sdoc
  turbolinks
  uglifier (>= 1.3.0)
